PATH
  remote: .
  specs:
    illuminati (0.1.2)

GEM
  remote: http://rubygems.org/
  specs:
    ZenTest (4.5.0)
    autotest (4.4.6)
      ZenTest (>= 4.4.1)
    diff-lcs (1.1.2)
    rdoc (2.5.11)
    rspec (2.6.0)
      rspec-core (~> 2.6.0)
      rspec-expectations (~> 2.6.0)
      rspec-mocks (~> 2.6.0)
    rspec-core (2.6.4)
    rspec-expectations (2.6.0)
      diff-lcs (~> 1.1.2)
    rspec-mocks (2.6.0)
    simplecov (0.4.2)
      simplecov-html (~> 0.4.4)
    simplecov-html (0.4.5)
    yard (0.9.20)

PLATFORMS
  ruby

DEPENDENCIES
  autotest (~> 4.4.6)
  bundler (~> 1.0)
  illuminati!
  rdoc (~> 2.5)
  rspec (~> 2.6.0)
  simplecov (~> 0.4)
  yard
